GEM
  remote: https://rubygems.org/
  specs:
    antlr3 (1.8.12)
    coderay (1.0.8)
    method_source (0.8.1)
    minitest (4.2.0)
    pry (0.9.10)
      coderay (~> 1.0.5)
      method_source (~> 0.8)
      slop (~> 3.3.1)
    rake (0.9.2.2)
    slop (3.3.3)

PLATFORMS
  ruby

DEPENDENCIES
  antlr3
  minitest
  pry
  rake
